GIT
  remote: git://github.com/watsonbox/pocketsphinx-ruby.git
  revision: f2f562bdc66b86f08631a6bd9d348c73823a3d45
  ref: f2f562b
  specs:
    pocketsphinx-ruby (0.3.0)
      ffi (>= 1.9)

GEM
  remote: https://rubygems.org/
  specs:
    coderay (1.1.1)
    espeak-ruby (1.0.2)
    ffi (1.12.1)
    ffi (1.12.1-x64-mingw32)
    method_source (0.8.2)
    ordinator (1.0.2)
    pry (0.10.3)
      coderay (~> 1.1.0)
      method_source (~> 0.8.1)
      slop (~> 3.4)
    require_all (1.3.3)
    slop (3.6.0)

PLATFORMS
  ruby
  x64-mingw32

DEPENDENCIES
  espeak-ruby
  ordinator
  pocketsphinx-ruby!
  pry
  require_all

BUNDLED WITH
   1.17.2
